GEM
  remote: http://rubygems.org/
  specs:
    addressable (2.2.8)
    childprocess (0.3.5)
      ffi (~> 1.0, >= 1.0.6)
    commander (4.1.3)
      highline (~> 1.6.11)
    ffi (1.1.5)
    headless (0.3.1)
    highline (1.6.15)
    json (1.7.6)
    libwebsocket (0.1.3)
      addressable
    multi_json (1.3.7)
    rubyzip (0.9.9)
    selenium-webdriver (2.24.0)
      childprocess (>= 0.2.5)
      libwebsocket (~> 0.1.3)
      multi_json (~> 1.0)
      rubyzip
    watir-webdriver (0.6.2)
      selenium-webdriver (>= 2.18.0)

PLATFORMS
  ruby

DEPENDENCIES
  commander
  headless
  json
  watir-webdriver
